GEM
  remote: https://rubygems.org/
  specs:
    rack (2.1.1)

PLATFORMS
  ruby

DEPENDENCIES
  rack (~> 2.1, >= 2.1.1)

BUNDLED WITH
   2.1.4
